PATH
  remote: .
  specs:
    rds (0.1.0)
      binding_of_caller
      parser
      unparser

GEM
  remote: https://rubygems.org/
  specs:
    ast (2.4.2)
    binding_of_caller (1.0.0)
      debug_inspector (>= 0.0.1)
    debug_inspector (1.1.0)
    diff-lcs (1.5.0)
    parser (3.1.0.0)
      ast (~> 2.4.1)
    rake (13.0.6)
    rake-compiler (1.1.7)
      rake
    rspec (3.10.0)
      rspec-core (~> 3.10.0)
      rspec-expectations (~> 3.10.0)
      rspec-mocks (~> 3.10.0)
    rspec-core (3.10.1)
      rspec-support (~> 3.10.0)
    rspec-expectations (3.10.1)
      diff-lcs (>= 1.2.0, < 2.0)
      rspec-support (~> 3.10.0)
    rspec-mocks (3.10.2)
      diff-lcs (>= 1.2.0, < 2.0)
      rspec-support (~> 3.10.0)
    rspec-support (3.10.3)
    unparser (0.6.2)
      diff-lcs (~> 1.3)
      parser (>= 3.0.0)

PLATFORMS
  x86_64-linux

DEPENDENCIES
  rake (~> 13.0)
  rake-compiler
  rds!
  rspec (~> 3.0)

BUNDLED WITH
   2.3.3
